GEM
  remote: https://rubygems.org/
  specs:
    color_text (0.0.3)

PLATFORMS
  ruby

DEPENDENCIES
  color_text
